GEM
  remote: http://rubygems.org/
  specs:
    multi_json (1.3.6)
    oj (1.2.11)

PLATFORMS
  ruby

DEPENDENCIES
  multi_json
  oj
